PATH
  remote: .
  specs:
    elixir_compat (0.0.1)

GEM
  remote: https://rubygems.org/
  specs:
    erlang_rb (2.0.0)
    minitest (5.14.2)
    openssl (2.2.0)
    rake (12.3.3)

PLATFORMS
  ruby

DEPENDENCIES
  elixir_compat!
  erlang_rb (~> 2.0)
  minitest (~> 5.0)
  openssl (~> 2.2)
  rake (~> 12.0)

BUNDLED WITH
   2.1.4
